GEM
  remote: https://rubygems.org/
  specs:
    awesome_print (1.6.1)
    dotenv (2.1.1)
    faraday (0.9.2)
      multipart-post (>= 1.2, < 3)
    faraday_middleware (0.10.0)
      faraday (>= 0.7.4, < 0.10)
    hashie (3.4.4)
    mail (2.6.4)
      mime-types (>= 1.16, < 4)
    mime-types (3.0)
      mime-types-data (~> 3.2015)
    mime-types-data (3.2016.0221)
    multi_json (1.12.1)
    multipart-post (2.0.0)
    pocket-ruby (0.0.6)
      faraday (>= 0.7)
      faraday_middleware (~> 0.9)
      hashie (>= 0.4.0)
      multi_json (~> 1.0, >= 1.0.3)

PLATFORMS
  ruby

DEPENDENCIES
  awesome_print
  dotenv
  mail
  pocket-ruby

BUNDLED WITH
   1.10.6
